GEM
  remote: http://rubygems.org/
  specs:
    addressable (2.3.2)
    builder (3.1.3)
    childprocess (0.3.5)
      ffi (~> 1.0, >= 1.0.6)
    coderay (1.0.7)
    cucumber (1.2.1)
      builder (>= 2.1.2)
      diff-lcs (>= 1.1.3)
      gherkin (~> 2.11.0)
      json (>= 1.4.6)
    diff-lcs (1.1.3)
    ffi (1.1.5)
    gherkin (2.11.2)
      json (>= 1.4.6)
    json (1.7.5)
    libwebsocket (0.1.5)
      addressable
    method_source (0.8)
    multi_json (1.3.6)
    page-object (0.7.4)
      selenium-webdriver (>= 2.25.0)
      watir-webdriver (>= 0.6.1)
    pry (0.9.10)
      coderay (~> 1.0.5)
      method_source (~> 0.8)
      slop (~> 3.3.1)
    rspec-expectations (2.11.2)
      diff-lcs (~> 1.1.3)
    rubyzip (0.9.9)
    selenium-webdriver (2.25.0)
      childprocess (>= 0.2.5)
      libwebsocket (~> 0.1.3)
      multi_json (~> 1.0)
      rubyzip
    slop (3.3.3)
    watir-webdriver (0.6.1)
      selenium-webdriver (>= 2.18.0)

PLATFORMS
  ruby

DEPENDENCIES
  cucumber
  page-object
  pry
  rspec-expectations
  watir-webdriver
